PATH
  remote: .
  specs:
    kisko-doorbell (0.3.1)
      flowdock (~> 0.7)
      honeybadger (~> 4.0)
      sucker_punch (~> 2.0)
      tty-logger (~> 0.1)
      tty-which (~> 0.4)

GEM
  remote: https://rubygems.org/
  specs:
    coderay (1.1.2)
    concurrent-ruby (1.1.5)
    diff-lcs (1.3)
    equatable (0.6.1)
    flowdock (0.7.1)
      httparty (~> 0.7)
      multi_json
    honeybadger (4.5.1)
    httparty (0.17.0)
      mime-types (~> 3.0)
      multi_xml (>= 0.5.2)
    method_source (0.9.2)
    mime-types (3.3)
      mime-types-data (~> 3.2015)
    mime-types-data (3.2019.0904)
    multi_json (1.13.1)
    multi_xml (0.6.0)
    pastel (0.7.3)
      equatable (~> 0.6)
      tty-color (~> 0.5)
    pry (0.12.2)
      coderay (~> 1.1.0)
      method_source (~> 0.9.0)
    rake (10.5.0)
    rspec (3.8.0)
      rspec-core (~> 3.8.0)
      rspec-expectations (~> 3.8.0)
      rspec-mocks (~> 3.8.0)
    rspec-core (3.8.2)
      rspec-support (~> 3.8.0)
    rspec-expectations (3.8.4)
      diff-lcs (>= 1.2.0, < 2.0)
      rspec-support (~> 3.8.0)
    rspec-mocks (3.8.1)
      diff-lcs (>= 1.2.0, < 2.0)
      rspec-support (~> 3.8.0)
    rspec-support (3.8.2)
    sucker_punch (2.1.2)
      concurrent-ruby (~> 1.0)
    tty-color (0.5.0)
    tty-logger (0.1.0)
      pastel (~> 0.7.0)
    tty-which (0.4.1)

PLATFORMS
  ruby

DEPENDENCIES
  bundler (~> 2.0)
  kisko-doorbell!
  pry (~> 0.12)
  rake (~> 10.0)
  rspec (~> 3.0)

BUNDLED WITH
   2.0.2
